GEM
  remote: https://rubygems.org/
  specs:
    mina (1.0.2)
      open4 (~> 1.3.4)
      rake
    mina-sidekiq (1.0.0)
      mina (>= 1.0.0)
    open4 (1.3.4)
    rake (11.3.0)

PLATFORMS
  ruby

DEPENDENCIES
  mina
  mina-sidekiq

BUNDLED WITH
   1.12.5
