GEM
  remote: https://rubygems.org/
  specs:
    concurrent-ruby (1.0.2)
    connection_pool (2.2.0)
    mina (1.0.2)
      open4 (~> 1.3.4)
      rake
    mina-sidekiq (1.0.0)
      mina (>= 1.0.0)
    open4 (1.3.4)
    rack (2.0.1)
    rack-protection (1.5.3)
      rack
    rake (11.3.0)
    redis (3.3.1)
    sidekiq (4.2.2)
      concurrent-ruby (~> 1.0)
      connection_pool (~> 2.2, >= 2.2.0)
      rack-protection (~> 1.5)
      redis (~> 3.2, >= 3.2.1)

PLATFORMS
  ruby

DEPENDENCIES
  mina
  mina-sidekiq
  sidekiq

BUNDLED WITH
   1.12.5
