GEM
  remote: https://rubygems.org/
  specs:
    concurrent-ruby (1.0.2)
    connection_pool (2.2.1)
    libv8 (3.16.14.19)
    mina (0.3.8)
      open4 (~> 1.3.4)
      rake
    mina-sidekiq (0.4.1)
      mina
    open4 (1.3.4)
    rack (2.0.6)
    rack-protection (2.0.5)
      rack
    rake (11.3.0)
    redis (3.3.2)
    ref (2.0.0)
    sidekiq (4.2.6)
      concurrent-ruby (~> 1.0)
      connection_pool (~> 2.2, >= 2.2.0)
      rack-protection (>= 1.5.0)
      redis (~> 3.2, >= 3.2.1)
    therubyracer (0.12.2)
      libv8 (~> 3.16.14.0)
      ref

PLATFORMS
  ruby

DEPENDENCIES
  mina (= 0.3.8)
  mina-sidekiq
  rack (>= 1.6.11)
  rack-protection (>= 1.5.5)
  sidekiq
  therubyracer

BUNDLED WITH
   1.17.2
