GEM
  remote: https://rubygems.org/
  specs:
    concurrent-ruby (1.0.2)
    connection_pool (2.2.1)
    libv8 (3.16.14.17)
    mina (1.0.3)
      open4 (~> 1.3.4)
      rake
    mina-sidekiq (1.0.1)
      mina (>= 1.0.2)
    open4 (1.3.4)
    rack (1.6.5)
    rack-protection (1.5.3)
      rack
    rake (11.3.0)
    redis (3.3.2)
    ref (2.0.0)
    sidekiq (4.2.6)
      concurrent-ruby (~> 1.0)
      connection_pool (~> 2.2, >= 2.2.0)
      rack-protection (>= 1.5.0)
      redis (~> 3.2, >= 3.2.1)
    therubyracer (0.12.2)
      libv8 (~> 3.16.14.0)
      ref

PLATFORMS
  ruby

DEPENDENCIES
  mina
  mina-sidekiq
  rack (= 1.6.5)
  sidekiq
  therubyracer

BUNDLED WITH
   1.12.5
